GEM
  remote: https://rubygems.org/
  specs:
    childprocess (3.0.0)
    ffi (1.15.0-x64-mingw32)
    nokogiri (1.11.2-x64-mingw32)
      racc (~> 1.4)
    racc (1.5.2)
    rubyzip (2.3.0)
    selenium-webdriver (3.142.7)
      childprocess (>= 0.5, < 4.0)
      rubyzip (>= 1.2.2)
    watir (6.10.3)
      selenium-webdriver (~> 3.4, >= 3.4.1)
    webdrivers (4.3.0)
      nokogiri (~> 1.6)
      rubyzip (>= 1.3.0)
      selenium-webdriver (>= 3.0, < 4.0)
    win32-sound (0.6.2)
      ffi

PLATFORMS
  x64-mingw32

DEPENDENCIES
  watir (= 6.10.3)
  webdrivers (= 4.3.0)
  win32-sound (= 0.6.2)

BUNDLED WITH
   2.0.1
